PATH
  remote: .
  specs:
    unity-logger (1.1.0)
      oj (~> 3.11)

GEM
  remote: https://rubygems.org/
  specs:
    oj (3.11.5)
    rake (12.3.3)

PLATFORMS
  ruby

DEPENDENCIES
  rake (~> 12.0)
  unity-logger!

BUNDLED WITH
   2.2.3
