PATH
  remote: .
  specs:
    unity-logger (1.3.0)

GEM
  remote: https://rubygems.org/
  specs:
    rake (12.3.3)

PLATFORMS
  ruby

DEPENDENCIES
  rake (~> 12.0)
  unity-logger!

BUNDLED WITH
   2.2.3
